PATH
  remote: .
  specs:
    cf_deployer (1.3.1)
      aws-sdk (~> 1.5)
      diffy
      json-minify
      log4r
      pry
      pry-debugger
      rainbow
      thor

PATH
  remote: ../ruby-openstack
  specs:
    openstack (1.1.2)
      json

PATH
  remote: ../ruby-openstack_heat
  specs:
    openstack_heat (1.0.0)
      json
      openstack
      openstack_heat
      pry

GEM
  remote: https://rubygems.org/
  specs:
    aws-sdk (1.66.0)
      aws-sdk-v1 (= 1.66.0)
    aws-sdk-v1 (1.66.0)
      json (~> 1.4)
      nokogiri (>= 1.4.4)
    coderay (1.1.0)
    columnize (0.9.0)
    debugger (1.6.8)
      columnize (>= 0.3.1)
      debugger-linecache (~> 1.2.0)
      debugger-ruby_core_source (~> 1.3.5)
    debugger-linecache (1.2.0)
    debugger-ruby_core_source (1.3.8)
    diff-lcs (1.2.5)
    diffy (3.0.6)
    json (1.8.1)
    json-minify (0.0.2)
      json (> 0)
    log4r (1.1.10)
    method_source (0.8.2)
    mini_portile (0.6.2)
    nokogiri (1.6.6.2)
      mini_portile (~> 0.6.0)
    pry (0.9.12.6)
      coderay (~> 1.0)
      method_source (~> 0.8)
      slop (~> 3.4)
    pry-debugger (0.2.3)
      debugger (~> 1.3)
      pry (>= 0.9.10, < 0.11.0)
    rainbow (2.0.0)
    rake (10.3.0)
    rspec (2.14.1)
      rspec-core (~> 2.14.0)
      rspec-expectations (~> 2.14.0)
      rspec-mocks (~> 2.14.0)
    rspec-core (2.14.8)
    rspec-expectations (2.14.5)
      diff-lcs (>= 1.1.3, < 2.0)
    rspec-mocks (2.14.6)
    slop (3.5.0)
    thor (0.19.1)
    yard (0.8.7.4)

PLATFORMS
  ruby

DEPENDENCIES
  cf_deployer!
  diffy
  json-minify
  openstack!
  openstack_heat!
  pry
  pry-debugger
  rainbow
  rake
  rspec
  yard
